GIT
  remote: git://github.com/adzap/timeliness.git
  revision: abb15474bb3bd6c63864849e2d820d5b1234bb24
  branch: master
  tag: v0.3.4
  specs:
    timeliness (0.3.4)

GIT
  remote: git://github.com/adzap/validates_timeliness.git
  revision: 7886132114253e7fe81abf1a4b42dd6d91d9256e
  branch: master
  tag: v3.0.6
  specs:
    validates_timeliness (3.0.6)
      timeliness (~> 0.3.3)

GIT
  remote: git://github.com/electronick/enum_column.git
  revision: 6a872f4f617b7c3285a1e765a0c870f76c28345a
  specs:
    enum_column (0.7.0)
      activerecord (>= 3.0.0)

GIT
  remote: git://github.com/freelancing-god/thinking-sphinx.git
  revision: 9b71ce0f7d9ddbdcfb3b075c4ccefa539e1fd5ac
  branch: rails3
  specs:
    thinking-sphinx (2.0.5)
      activerecord (>= 3.0.3)
      riddle (>= 1.3.3)

GIT
  remote: git://github.com/guard/guard-rspec.git
  revision: 91b622baa4f88587151972003700b3461ba10411
  tag: v0.4.2
  specs:
    guard-rspec (0.4.2)
      guard (>= 0.4.0)

GIT
  remote: git://github.com/guard/guard.git
  revision: 7f6f0006e85f3969535bf5f6fa98b58967c15dfc
  tag: v0.6.2
  specs:
    guard (0.6.2)
      thor (~> 0.14.6)

GIT
  remote: git://github.com/jarib/childprocess.git
  revision: aaccf37074e07bb5e5da94a5e9750720c9ebc46e
  tag: v0.2.1
  specs:
    childprocess (0.2.1)
      ffi (~> 1.0.6)

GIT
  remote: git://github.com/makenai/zappos.git
  revision: 2147320daa81f7c59dd3f6f3e9aa994445588d9b
  specs:
    zappos (0.3.4)
      hashie (>= 1.2.0)
      json

GIT
  remote: git://github.com/thoughtbot/paperclip.git
  revision: cde225648190982caa6a9cc33aff70973fd28695
  branch: master
  tag: v2.3.16
  specs:
    paperclip (2.3.16)
      activerecord (>= 2.3.0)
      activesupport (>= 2.3.2)
      cocaine (>= 0.0.2)
      mime-types

GEM
  remote: http://rubygems.org/
  specs:
    abstract (1.0.0)
    actionmailer (3.0.10)
      actionpack (= 3.0.10)
      mail (~> 2.2.19)
    actionpack (3.0.10)
      activemodel (= 3.0.10)
      activesupport (= 3.0.10)
      builder (~> 2.1.2)
      erubis (~> 2.6.6)
      i18n (~> 0.5.0)
      rack (~> 1.2.1)
      rack-mount (~> 0.6.14)
      rack-test (~> 0.5.7)
      tzinfo (~> 0.3.23)
    activemodel (3.0.10)
      activesupport (= 3.0.10)
      builder (~> 2.1.2)
      i18n (~> 0.5.0)
    activerecord (3.0.10)
      activemodel (= 3.0.10)
      activesupport (= 3.0.10)
      arel (~> 2.0.10)
      tzinfo (~> 0.3.23)
    activeresource (3.0.10)
      activemodel (= 3.0.10)
      activesupport (= 3.0.10)
    activesupport (3.0.10)
    addressable (2.2.6)
    arel (2.0.10)
    bcrypt-ruby (2.1.4)
    builder (2.1.2)
    capistrano (2.8.0)
      highline
      net-scp (>= 1.0.0)
      net-sftp (>= 2.0.0)
      net-ssh (>= 2.0.14)
      net-ssh-gateway (>= 1.1.0)
    capybara (1.0.1)
      mime-types (>= 1.16)
      nokogiri (>= 1.3.3)
      rack (>= 1.0.0)
      rack-test (>= 0.5.4)
      selenium-webdriver (~> 2.0)
      xpath (~> 0.1.4)
    cocaine (0.2.0)
    devise (1.3.4)
      bcrypt-ruby (~> 2.1.2)
      orm_adapter (~> 0.0.3)
      warden (~> 1.0.3)
    diff-lcs (1.1.2)
    em-websocket (0.3.1)
      addressable (>= 2.1.1)
      eventmachine (>= 0.12.9)
    erb2haml (0.1.2)
      haml
      hpricot
      ruby_parser
    erubis (2.6.6)
      abstract (>= 1.0.0)
    eventmachine (0.12.10)
    factory_girl (2.0.4)
    factory_girl_rails (1.1.0)
      factory_girl (~> 2.0.0)
      railties (>= 3.0.0)
    ffi (1.0.9)
    guard-livereload (0.3.0)
      em-websocket (>= 0.2.0)
      guard (>= 0.4.0)
      multi_json (~> 1.0.3)
    haml (3.1.2)
    hashie (1.2.0)
    heroku (2.15.1)
      launchy (>= 0.3.2)
      rest-client (~> 1.6.1)
      rubyzip
      term-ansicolor (~> 1.0.5)
    highline (1.6.2)
    hpricot (0.8.4)
    i18n (0.5.0)
    json (1.7.3)
    json_pure (1.5.3)
    kaminari (0.12.4)
      rails (>= 3.0.0)
    launchy (2.0.5)
      addressable (~> 2.2.6)
    libnotify (0.5.7)
    mail (2.2.19)
      activesupport (>= 2.3.6)
      i18n (>= 0.4.0)
      mime-types (~> 1.16)
      treetop (~> 1.4.8)
    mime-types (1.16)
    mocha (0.9.12)
    multi_json (1.0.3)
    mysql2 (0.2.3)
    net-scp (1.0.4)
      net-ssh (>= 1.99.1)
    net-sftp (2.0.5)
      net-ssh (>= 2.0.9)
    net-ssh (2.2.0)
    net-ssh-gateway (1.1.0)
      net-ssh (>= 1.99.1)
    nokogiri (1.5.0)
    orm_adapter (0.0.4)
    polyglot (0.3.2)
    rack (1.2.3)
    rack-mount (0.6.14)
      rack (>= 1.0.0)
    rack-test (0.5.7)
      rack (>= 1.0)
    rails (3.0.10)
      actionmailer (= 3.0.10)
      actionpack (= 3.0.10)
      activerecord (= 3.0.10)
      activeresource (= 3.0.10)
      activesupport (= 3.0.10)
      bundler (~> 1.0)
      railties (= 3.0.10)
    railties (3.0.10)
      actionpack (= 3.0.10)
      activesupport (= 3.0.10)
      rake (>= 0.8.7)
      rdoc (~> 3.4)
      thor (~> 0.14.4)
    rake (0.9.2)
    rb-inotify (0.8.6)
      ffi (>= 0.5.0)
    rdoc (3.9.2)
    rest-client (1.6.7)
      mime-types (>= 1.16)
    riddle (1.4.0)
    rspec (2.6.0)
      rspec-core (~> 2.6.0)
      rspec-expectations (~> 2.6.0)
      rspec-mocks (~> 2.6.0)
    rspec-core (2.6.4)
    rspec-expectations (2.6.0)
      diff-lcs (~> 1.1.2)
    rspec-mocks (2.6.0)
    rspec-rails (2.6.1)
      actionpack (~> 3.0)
      activesupport (~> 3.0)
      railties (~> 3.0)
      rspec (~> 2.6.0)
    ruby_parser (2.0.6)
      sexp_processor (~> 3.0)
    rubyzip (0.9.4)
    selenium-webdriver (2.4.0)
      childprocess (>= 0.2.1)
      ffi (>= 1.0.7)
      json_pure
      rubyzip
    sexp_processor (3.0.5)
    shoulda-context (1.0.0.beta1)
    shoulda-matchers (1.0.0.beta3)
    term-ansicolor (1.0.7)
    thor (0.14.6)
    treetop (1.4.10)
      polyglot
      polyglot (>= 0.3.1)
    tzinfo (0.3.29)
    warden (1.0.4)
      rack (>= 1.0)
    xpath (0.1.4)
      nokogiri (~> 1.3)

PLATFORMS
  ruby

DEPENDENCIES
  capistrano
  capybara
  childprocess!
  devise
  enum_column!
  erb2haml
  factory_girl_rails
  guard!
  guard-livereload
  guard-rspec!
  haml
  heroku
  kaminari
  libnotify
  mocha
  mysql2 (= 0.2.3)
  nokogiri (= 1.5.0)
  paperclip!
  rails
  rb-inotify
  riddle
  rspec-rails
  shoulda-context
  shoulda-matchers
  thinking-sphinx!
  timeliness!
  validates_timeliness!
  zappos (= 0.3.4)!
